{
	"TaskName": "Movie",
	"Modality": "MR",
	"MagneticFieldStrength": 3,
	"ImagingFrequency": 123.246,
	"Manufacturer": "Siemens",
	"ManufacturersModelName": "Prisma",
	"InstitutionName": "Center for Brain Imaging Science and Technology, Zhejiang Univer",
	"InstitutionalDepartmentName": "Department",
	"InstitutionAddress": "Kaixuan road Huajiachi   ,Hangzhou//79FA6E//,Jianggan,CN,310001",
	"DeviceSerialNumber": "66029",
	"StationName": "AWP66029",
	"BodyPartExamined": "HEAD",
	"PatientPosition": "HFS",
	"ProcedureStepDescription": "Service^KongXiangzhen",
	"SoftwareVersions": "syngo MR E11",
	"MRAcquisitionType": "2D",
	"SeriesDescription": "task",
	"ProtocolName": "task",
	"ScanningSequence": "EP",
	"SequenceVariant": "SK\\SS",
	"ScanOptions": "FS",
	"SequenceName": "epfid2d1_92",
	"ImageType": ["ORIGINAL", "PRIMARY", "M", "MB", "ND", "MOSAIC"],
	"SeriesNumber": 6,
	"AcquisitionTime": "13:09:33.940000",
	"AcquisitionNumber": 1,
	"ImageComments": "Unaliased MB4/PE3",
	"SliceThickness": 2.5,
	"SpacingBetweenSlices": 2.5,
	"SAR": 0.145648,
	"EchoTime": 0.034,
	"RepetitionTime": 1,
	"FlipAngle": 50,
	"PartialFourier": 1,
	"BaseResolution": 92,
	"ShimSetting": [
		-2872,
		-7794,
		-8935,
		409,
		-26,
		-68,
		-62,
		-18	],
	"TxRefAmp": 263.59,
	"PhaseResolution": 1,
	"ReceiveCoilName": "HeadNeck_20",
	"ReceiveCoilActiveElements": "HE1-4;NE1,2",
	"PulseSequenceDetails": "%CustomerSeq%\\cmrr_mbep2d_bold",
	"WipMemBlock": "260b0a12-65cd-45a9-a5c8-d1f68ddfd8aa||Sequence: R017 ve11c/master r/75a17815+; Jun 28 2022 16:32:11 by eja",
	"ConsistencyInfo": "N4_VE11C_LATEST_20160120",
	"MultibandAccelerationFactor": 4,
	"PercentPhaseFOV": 100,
	"PercentSampling": 100,
	"EchoTrainLength": 92,
	"PhaseEncodingSteps": 92,
	"AcquisitionMatrixPE": 92,
	"ReconMatrixPE": 92,
	"BandwidthPerPixelPhaseEncode": 18.741,
	"EffectiveEchoSpacing": 0.000579989,
	"DerivedVendorReportedEchoSpacing": 0.000579989,
	"TotalReadoutTime": 0.052779,
	"PixelBandwidth": 2175,
	"DwellTime": 2.5e-06,
	"PhaseEncodingDirection": "j-",
	"SliceTiming": [
		0,
		0.5275,
		0.075,
		0.6025,
		0.15,
		0.6775,
		0.225,
		0.7525,
		0.3,
		0.8275,
		0.3775,
		0.905,
		0.4525,
		0,
		0.5275,
		0.075,
		0.6025,
		0.15,
		0.6775,
		0.225,
		0.7525,
		0.3,
		0.8275,
		0.3775,
		0.905,
		0.4525,
		0,
		0.5275,
		0.075,
		0.6025,
		0.15,
		0.6775,
		0.225,
		0.7525,
		0.3,
		0.8275,
		0.3775,
		0.905,
		0.4525,
		0,
		0.5275,
		0.075,
		0.6025,
		0.15,
		0.6775,
		0.225,
		0.7525,
		0.3,
		0.8275,
		0.3775,
		0.905,
		0.4525	],
	"ImageOrientationPatientDICOM": [
		0.99925,
		0.0387054,
		-0.00119707,
		-0.0383873,
		0.986021,
		-0.162141	],
	"InPlanePhaseEncodingDirectionDICOM": "COL",
	"ConversionSoftware": "dcm2niix",
	"ConversionSoftwareVersion": "v1.0.20210317"
}
